GEM
  remote: https://rubygems.org/
  specs:
    addressable (2.3.3)
    args_parser (0.2.0)
    backports (3.1.1)
    faraday (0.8.7)
      multipart-post (~> 1.1)
    faraday_middleware (0.9.0)
      faraday (>= 0.7.4, < 0.9)
    hashie (2.0.3)
    json_pure (1.7.7)
    multi_json (1.7.2)
    multipart-post (1.2.0)
    netrc (0.7.7)
    octokit (1.24.0)
      addressable (~> 2.2)
      faraday (~> 0.8)
      faraday_middleware (~> 0.9)
      hashie (~> 2.0)
      multi_json (~> 1.3)
      netrc (~> 0.7.7)
    rubyzip (0.9.9)

PLATFORMS
  ruby

DEPENDENCIES
  args_parser
  backports
  json_pure
  octokit
  rubyzip
